GEM
  remote: http://rubygems.org/
  specs:
    activesupport (3.0.5)
    capistrano (2.5.20)
      highline
      highline
      net-scp (>= 1.0.0)
      net-scp
      net-sftp
      net-sftp (>= 2.0.0)
      net-ssh (>= 2.0.14)
      net-ssh
      net-ssh-gateway
      net-ssh-gateway (>= 1.0.0)
    haml (3.0.25)
    highline (1.6.1)
    i18n (0.5.0)
    net-scp (1.0.4)
      net-ssh (>= 1.99.1)
    net-sftp (2.0.5)
      net-ssh (>= 2.0.9)
    net-ssh (2.1.3)
    net-ssh-gateway (1.0.1)
      net-ssh (>= 1.99.1)
    rack (1.2.2)
    rack-cache (1.0)
      rack (>= 0.4)
    railsless-deploy (1.0.2)
    sinatra (1.2.1)
      rack (~> 1.1)
      tilt (< 2.0, >= 1.2.2)
    sinatra_more (0.3.43)
      activesupport
      bundler (>= 0.9.2)
      sinatra (>= 0.9.2)
      thor (>= 0.11.8)
      tilt (>= 0.2)
    thor (0.14.6)
    tilt (1.2.2)

PLATFORMS
  ruby

DEPENDENCIES
  capistrano
  haml
  i18n
  rack-cache
  railsless-deploy
  sinatra
  sinatra_more
