GEM
  remote: http://rubygems.org/
  specs:
    activesupport (3.2.3)
      i18n (~> 0.6)
      multi_json (~> 1.0)
    adhearsion (2.0.0.rc4)
      activesupport (>= 3.0.10)
      adhearsion-loquacious (>= 1.9.0)
      bundler (>= 1.0.10)
      celluloid (>= 0.9.0)
      countdownlatch
      deep_merge
      ffi (>= 1.0.11)
      future-resource (>= 0.0.2)
      girl_friday
      has-guarded-handlers (>= 1.1.0)
      i18n (>= 0.5.0)
      json
      logging (>= 1.6.1)
      pry
      punchblock (>= 0.12.0)
      rake
      ruby_speech (>= 0.4.0)
      thor
      uuid
    adhearsion-loquacious (1.9.2)
    blather (0.7.0)
      activesupport (>= 3.0.7)
      eventmachine (>= 0.12.6)
      girl_friday
      niceogiri (~> 1.0.0)
      nokogiri (~> 1.4.0)
    capistrano (2.6.0)
      highline
      net-scp (>= 1.0.0)
      net-sftp (>= 2.0.0)
      net-ssh (>= 2.0.14)
      net-ssh-gateway (>= 1.1.0)
    celluloid (0.10.0)
    coderay (0.9.8)
    connection_pool (0.1.0)
    countdownlatch (1.0.0)
    deep_merge (1.0.0)
    eventmachine (0.12.10)
    ffi (1.0.11)
    future-resource (1.0.0)
    girl_friday (0.9.7)
      connection_pool (~> 0.1.0)
    guard (1.0.1)
      ffi (>= 0.5.0)
      thor (~> 0.14.6)
    haml (3.1.2)
    haml-coderay (0.1.2)
      coderay
      haml
    has-guarded-handlers (1.2.0)
      uuid
    highline (1.6.2)
    i18n (0.6.0)
    json (1.6.6)
    little-plugger (1.1.3)
    logging (1.7.2)
      little-plugger (>= 1.1.3)
    macaddr (1.5.0)
      systemu (>= 2.4.0)
    method_source (0.6.7)
      ruby_parser (>= 2.3.1)
    multi_json (1.2.0)
    net-scp (1.0.4)
      net-ssh (>= 1.99.1)
    net-sftp (2.0.5)
      net-ssh (>= 2.0.9)
    net-ssh (2.1.4)
    net-ssh-gateway (1.1.0)
      net-ssh (>= 1.99.1)
    niceogiri (1.0.1)
      nokogiri (~> 1.4)
    nokogiri (1.4.7)
    pry (0.9.7.4)
      coderay (~> 0.9.8)
      method_source (~> 0.6.7)
      ruby_parser (>= 2.3.1)
      slop (~> 2.1.0)
    punchblock (0.12.0)
      activesupport (>= 2.1.0)
      blather (>= 0.5.12)
      celluloid (>= 0.9.0)
      future-resource (>= 0.0.2)
      has-guarded-handlers (>= 0.1.0)
      niceogiri (>= 0.0.4)
      ruby_ami (>= 0.1.3)
      ruby_speech (>= 0.5.1)
      state_machine (>= 1.0.1)
    rack (1.3.1)
    rack-cache (1.0.2)
      rack (>= 0.4)
    railsless-deploy (1.0.2)
    rake (0.9.2.2)
    ruby_ami (1.0.0)
      activesupport (>= 3.0.9)
      countdownlatch (>= 1.0.0)
      eventmachine
      future-resource
      girl_friday
      i18n
      uuidtools
    ruby_parser (2.3.1)
      sexp_processor (~> 3.0)
    ruby_speech (1.0.0)
      activesupport (>= 3.0.7)
      niceogiri (~> 1.0)
    sexp_processor (3.1.0)
    sinatra (1.2.6)
      rack (~> 1.1)
      tilt (>= 1.2.2, < 2.0)
    sinatra_more (0.3.43)
      activesupport
      bundler (>= 0.9.2)
      sinatra (>= 0.9.2)
      thor (>= 0.11.8)
      tilt (>= 0.2)
    slop (2.1.0)
    state_machine (1.1.2)
    systemu (2.5.0)
    thor (0.14.6)
    tilt (1.3.2)
    uuid (2.3.5)
      macaddr (~> 1.0)
    uuidtools (2.1.2)

PLATFORMS
  ruby

DEPENDENCIES
  adhearsion (>= 2.0.0.rc4)
  capistrano
  guard
  haml
  haml-coderay
  i18n
  rack-cache
  railsless-deploy
  rake
  sinatra
  sinatra_more
