GEM
  remote: http://rubygems.org/
  specs:
    aasm (2.2.0)
    actionmailer (2.3.10)
      actionpack (= 2.3.10)
    actionpack (2.3.10)
      activesupport (= 2.3.10)
      rack (~> 1.1.0)
    activerecord (2.3.10)
      activesupport (= 2.3.10)
    activeresource (2.3.10)
      activesupport (= 2.3.10)
    activesupport (2.3.10)
    diff-lcs (1.1.2)
    hoe (2.9.1)
      rake (>= 0.8.7)
    hpricot (0.8.4)
    libxml-ruby (1.1.4)
    rack (1.1.2)
    rails (2.3.10)
      actionmailer (= 2.3.10)
      actionpack (= 2.3.10)
      activerecord (= 2.3.10)
      activeresource (= 2.3.10)
      activesupport (= 2.3.10)
      rake (>= 0.8.3)
    rake (0.8.7)
    rspec (2.1.0)
      rspec-core (~> 2.1.0)
      rspec-expectations (~> 2.1.0)
      rspec-mocks (~> 2.1.0)
    rspec-core (2.1.0)
    rspec-expectations (2.1.0)
      diff-lcs (~> 1.1.2)
    rspec-mocks (2.1.0)
    rspec-rails (2.1.0)
      rspec (~> 2.1.0)
    sqlite3 (1.3.3)
    syntax (1.0.0)
    test-spec (0.10.0)
    verhoeff (1.0.0)
      hoe (>= 1.2.1)

PLATFORMS
  ruby

DEPENDENCIES
  aasm
  hpricot
  libxml-ruby
  rails (= 2.3.10)
  rake
  rspec
  rspec-rails
  sqlite3
  syntax
  test-spec
  verhoeff
